PATH
  remote: .
  specs:
    togglv8 (0.2.0)
      faraday (~> 0.9)
      logger (~> 1.2)
      oj (~> 2.12)

GEM
  remote: https://rubygems.org/
  specs:
    awesome_print (1.6.1)
    codeclimate-test-reporter (0.4.7)
      simplecov (>= 0.7.1, < 1.0.0)
    diff-lcs (1.2.5)
    docile (1.1.5)
    faraday (0.9.1)
      multipart-post (>= 1.2, < 3)
    fivemat (1.3.1)
    json (1.8.3)
    logger (1.2.8)
    multipart-post (2.0.0)
    oj (2.12.12)
    rake (10.4.2)
    rspec (3.3.0)
      rspec-core (~> 3.3.0)
      rspec-expectations (~> 3.3.0)
      rspec-mocks (~> 3.3.0)
    rspec-core (3.3.2)
      rspec-support (~> 3.3.0)
    rspec-expectations (3.3.1)
      diff-lcs (>= 1.2.0, < 2.0)
      rspec-support (~> 3.3.0)
    rspec-mocks (3.3.2)
      diff-lcs (>= 1.2.0, < 2.0)
      rspec-support (~> 3.3.0)
    rspec-support (3.3.0)
    simplecov (0.10.0)
      docile (~> 1.1.0)
      json (~> 1.8)
      simplecov-html (~> 0.10.0)
    simplecov-html (0.10.0)

PLATFORMS
  ruby

DEPENDENCIES
  awesome_print (~> 1.6)
  bundler (~> 1.7)
  codeclimate-test-reporter
  fivemat (~> 1.3)
  rake (~> 10.4)
  rspec (~> 3.3)
  simplecov (~> 0.10)
  togglv8!

BUNDLED WITH
   1.10.6
