GEM
  remote: https://rubygems.org/
  specs:
    awesome_print (1.1.0)
    faraday (0.8.7)
      multipart-post (~> 1.1)
    jazor (0.1.8)
      json
      term-ansicolor
    json (1.8.0)
    logger (1.2.8)
    multipart-post (1.2.0)
    term-ansicolor (1.2.1)
      tins (~> 0.8)
    tins (0.8.0)

PLATFORMS
  ruby

DEPENDENCIES
  awesome_print (~> 1.1.0)
  faraday (~> 0.8.7)
  jazor (~> 0.1.8)
  json (~> 1.8.0)
  logger (~> 1.2.8)
